GEM
  remote: https://rubygems.org/
  specs:
    atomic (1.1.14)
    casting (0.6.6)
    diff-lcs (1.2.5)
    rspec (2.14.1)
      rspec-core (~> 2.14.0)
      rspec-expectations (~> 2.14.0)
      rspec-mocks (~> 2.14.0)
    rspec-core (2.14.7)
    rspec-expectations (2.14.5)
      diff-lcs (>= 1.1.3, < 2.0)
    rspec-mocks (2.14.6)
    surrounded (0.8.2)
      triad (~> 0.1.2)
    thread_safe (0.1.3)
      atomic
    triad (0.1.3)
      thread_safe (~> 0.1.3)

PLATFORMS
  ruby

DEPENDENCIES
  casting
  rspec
  surrounded
